GIT
  remote: https://github.com/bendiken/rdf-spec.git
  revision: 32550390db3d80b1784601ab6861083b47c18e94
  specs:
    rdf-spec (0.3.1)
      rspec (>= 2.1)

PATH
  remote: ~/Projects/rdf
  specs:
    rdf (0.3.1)
      addressable (>= 2.2)

PATH
  remote: ~/Projects/rdf-n3
  specs:
    rdf-n3 (0.3.1.1)
      rdf (>= 0.3.1)

PATH
  remote: ~/Projects/sparql-tests
  specs:
    sparql-tests (0.0.1)
      rdf (~> 0.3.0)

PATH
  remote: ~/Projects/sxp-ruby
  specs:
    sxp (0.0.13)
      json (>= 0.6.0)

GEM
  remote: http://rubygems.org/
  specs:
    addressable (2.2.4)
    diff-lcs (1.1.2)
    json (1.5.1)
    rspec (2.5.0)
      rspec-core (~> 2.5.0)
      rspec-expectations (~> 2.5.0)
      rspec-mocks (~> 2.5.0)
    rspec-core (2.5.1)
    rspec-expectations (2.5.0)
      diff-lcs (~> 1.1.2)
    rspec-mocks (2.5.0)
    yard (0.6.4)

PLATFORMS
  ruby

DEPENDENCIES
  rdf!
  rdf-n3!
  rdf-spec!
  rspec (>= 2.1.0)
  sparql-tests!
  sxp!
  yard (>= 0.6.0)
