GIT
  remote: git@github.com:gkellogg/sxp-ruby.git
  revision: 58f6536e8325e915115bf7cf24fe0a252e92831b
  branch: query-algebra
  specs:
    sxp (0.0.13)

GIT
  remote: https://github.com/bendiken/rdf-spec.git
  revision: 32550390db3d80b1784601ab6861083b47c18e94
  specs:
    rdf-spec (0.3.1)
      rspec (>= 2.1)

GIT
  remote: https://github.com/bendiken/rdf.git
  revision: af21d4d9d01d009db67a677507705c6f8d49369c
  specs:
    rdf (0.3.1)
      addressable (>= 2.2)

GEM
  remote: http://rubygems.org/
  specs:
    addressable (2.2.4)
    diff-lcs (1.1.2)
    rspec (2.5.0)
      rspec-core (~> 2.5.0)
      rspec-expectations (~> 2.5.0)
      rspec-mocks (~> 2.5.0)
    rspec-core (2.5.1)
    rspec-expectations (2.5.0)
      diff-lcs (~> 1.1.2)
    rspec-mocks (2.5.0)
    yard (0.6.4)

PLATFORMS
  ruby

DEPENDENCIES
  rdf!
  rdf-spec!
  rspec (>= 2.1.0)
  sxp!
  yard (>= 0.6.0)
