GIT
  remote: git@github.com:gkellogg/sxp-ruby.git
  revision: 2a228575b2c15c34f739007b91ceda68dfa595c5
  branch: query-algebra
  specs:
    sxp (0.0.14)
      json (>= 1.5.1)

GIT
  remote: https://github.com/bendiken/rdf-spec.git
  revision: 32550390db3d80b1784601ab6861083b47c18e94
  specs:
    rdf-spec (0.3.1)
      rspec (>= 2.1)

GIT
  remote: https://github.com/gkellogg/rdf.git
  revision: ed0955ed30765a05f1a5917aef2572f131322e45
  branch: query-algebra
  specs:
    rdf (0.3.1)
      addressable (>= 2.2)

GEM
  remote: http://rubygems.org/
  specs:
    addressable (2.2.4)
    diff-lcs (1.1.2)
    json (1.5.1)
    rdf-isomorphic (0.3.4)
      rdf (>= 0.2.3)
    rdf-n3 (0.3.1.1)
      rdf (>= 0.3.1)
    rspec (2.5.0)
      rspec-core (~> 2.5.0)
      rspec-expectations (~> 2.5.0)
      rspec-mocks (~> 2.5.0)
    rspec-core (2.5.1)
    rspec-expectations (2.5.0)
      diff-lcs (~> 1.1.2)
    rspec-mocks (2.5.0)
    yard (0.6.4)

PLATFORMS
  ruby

DEPENDENCIES
  rdf!
  rdf-isomorphic (>= 0.3.4)
  rdf-n3 (>= 0.3.1)
  rdf-spec!
  rspec (>= 2.1.0)
  sxp!
  yard (>= 0.6.4)
