GIT
  remote: git@github.com:gkellogg/sxp-ruby.git
  revision: 4412335d14b701be0fc7a2b322aa5d58ee17436e
  branch: query-algebra
  specs:
    sxp (0.0.13)
      json (>= 0.6.0)

GIT
  remote: https://github.com/bendiken/rdf-spec.git
  revision: 32550390db3d80b1784601ab6861083b47c18e94
  specs:
    rdf-spec (0.3.1)
      rspec (>= 2.1)

GIT
  remote: https://github.com/gkellogg/rdf.git
  revision: 46cd30d9e73f6e9624caf7388d8709637610776b
  branch: query-algebra
  specs:
    rdf (0.3.1)
      addressable (>= 2.2)

GEM
  remote: http://rubygems.org/
  specs:
    addressable (2.2.4)
    diff-lcs (1.1.2)
    json (1.5.1)
    rspec (2.5.0)
      rspec-core (~> 2.5.0)
      rspec-expectations (~> 2.5.0)
      rspec-mocks (~> 2.5.0)
    rspec-core (2.5.1)
    rspec-expectations (2.5.0)
      diff-lcs (~> 1.1.2)
    rspec-mocks (2.5.0)
    yard (0.6.4)

PLATFORMS
  ruby

DEPENDENCIES
  rdf!
  rdf-spec!
  rspec (>= 2.1.0)
  sxp!
  yard (>= 0.6.0)
